PATH
  remote: .
  specs:
    sustainable_seafood (0.1.0)
      word_wrap

GEM
  remote: https://rubygems.org/
  specs:
    coderay (1.1.3)
    method_source (1.0.0)
    pry (0.13.1)
      coderay (~> 1.1)
      method_source (~> 1.0)
    rake (12.3.2)
    word_wrap (1.0.0)

PLATFORMS
  ruby

DEPENDENCIES
  bundler (~> 2.0)
  pry
  rake (~> 12.0)
  sustainable_seafood!

BUNDLED WITH
   2.1.4
